GEM
  remote: https://rubygems.org/
  specs:
    choice (0.2.0)
    git (1.3.0)
    json (2.3.0)
    json (2.3.0-java)

PLATFORMS
  java
  ruby

DEPENDENCIES
  choice
  git
  json

BUNDLED WITH
   1.16.1
