GEM
  remote: https://rubygems.org/
  specs:
    choice (0.2.0)
    git (1.11.0)
      rchardet (~> 1.8)
    json (2.5.1)
    json (2.5.1-java)
    rchardet (1.8.0)

PLATFORMS
  java
  ruby

DEPENDENCIES
  choice
  git
  json

BUNDLED WITH
   1.16.1
